PATH
  remote: .
  specs:
    hashcast (0.4.0)

GEM
  remote: https://rubygems.org/
  specs:
    allocation_stats (0.1.5)
    bixby-bench (0.1.0)
      allocation_stats
    byebug (9.0.6)
    codecov (0.1.9)
      json
      simplecov
      url
    diff-lcs (1.2.5)
    docile (1.1.5)
    json (2.0.2)
    rake (12.0.0)
    rspec (3.5.0)
      rspec-core (~> 3.5.0)
      rspec-expectations (~> 3.5.0)
      rspec-mocks (~> 3.5.0)
    rspec-core (3.5.4)
      rspec-support (~> 3.5.0)
    rspec-expectations (3.5.0)
      diff-lcs (>= 1.2.0, < 2.0)
      rspec-support (~> 3.5.0)
    rspec-mocks (3.5.0)
      diff-lcs (>= 1.2.0, < 2.0)
      rspec-support (~> 3.5.0)
    rspec-support (3.5.0)
    simplecov (0.12.0)
      docile (~> 1.1.0)
      json (>= 1.8, < 3)
      simplecov-html (~> 0.10.0)
    simplecov-html (0.10.0)
    url (0.3.2)

PLATFORMS
  ruby

DEPENDENCIES
  allocation_stats (= 0.1.5)
  bixby-bench (= 0.1.0)
  bundler (~> 1.3)
  byebug (= 9.0.6)
  codecov (= 0.1.9)
  hashcast!
  rake
  rspec

BUNDLED WITH
   1.13.6
